{
	"TaskName": "p300",
	"Manufacturer": "n/a",
	"PowerLineFrequency": 50.0,
	"SamplingFrequency": 100.0,
	"SoftwareFilters": {
		"preprocessing_steps": {
			"Description": "100 Hz sampling rate, epoched from -190 ms to +800 ms around stimulus"
		}
	},
	"RecordingDuration": 119.99,
	"RecordingType": "continuous",
	"EEGReference": "n/a",
	"EEGGround": "n/a",
	"EEGPlacementScheme": "10-05 system",
	"EEGChannelCount": 46,
	"EOGChannelCount": 0,
	"ECGChannelCount": 0,
	"EMGChannelCount": 0,
	"TriggerChannelCount": 0,
	"SoftwareVersions": "n/a",
	"HardwareFilters": "n/a",
	"TaskDescription": "Visual oddball P300 (target 'OOO' vs non-target 'XXX', target ratio 0.2) performed while walking on a treadmill at 1.6 m/s to pose an ambulatory BCI problem. Trial duration: 1.0s.",
	"Instructions": "n/a",
	"CogAtlasID": "https://www.cognitiveatlas.org/task/id/tsk_GxjZBNiJorj1K/",
	"InstitutionName": "Korea University",
	"InstitutionAddress": "KR",
	"InstitutionalDepartmentName": "n/a",
	"CapManufacturer": "n/a",
	"CapManufacturersModelName": "n/a",
	"ManufacturersModelName": "n/a",
	"SubjectArtefactDescription": "n/a",
	"DeviceSerialNumber": "n/a",
	"Description": "BCI Competition 2020 Track 5: P300 oddball ERP detection during walking at 1.6 m/s with simultaneous scalp-EEG, ear-EEG, EOG and forehead IMU recording.",
	"MISCChannelCount": 0
}